PATH
  remote: .
  specs:
    indicator (0.0.1)
      haml (= 2.2.23)
      ruby-usb (= 0.1.3)
      sinatra (= 1.0)

GEM
  remote: http://rubygems.org/
  specs:
    haml (2.2.23)
    rack (1.3.4)
    rake (0.9.2)
    ruby-usb (0.1.3)
    sinatra (1.0)
      rack (>= 1.0)

PLATFORMS
  ruby

DEPENDENCIES
  indicator!
  rake (~> 0.9.2)
